GEM
  remote: https://rubygems.org/
  specs:
    rack (1.6.4)
    rack-protection (1.5.3)
      rack
    sinatra (1.4.7)
      rack (~> 1.5)
      rack-protection (~> 1.4)
      tilt (>= 1.3, < 3)
    tilt (2.0.5)
    wit (4.1.0)

PLATFORMS
  ruby

DEPENDENCIES
  sinatra
  wit

BUNDLED WITH
   1.13.1
