GEM
  remote: https://rubygems.org/
  specs:
    faraday (0.9.2)
      multipart-post (>= 1.2, < 3)
    multipart-post (2.0.0)
    rack (1.6.4)
    rack-protection (1.5.3)
      rack
    sinatra (1.4.7)
      rack (~> 1.5)
      rack-protection (~> 1.4)
      tilt (>= 1.3, < 3)
    tilt (2.0.5)
    wit-ruby (0.0.2)
      faraday (>= 0.8.8)

PLATFORMS
  ruby

DEPENDENCIES
  sinatra
  wit-ruby

BUNDLED WITH
   1.13.1
